PATH
  remote: ../..
  specs:
    opal (0.11.1.dev)
      ast (>= 2.3.0)
      hike (~> 1.2)
      parser (= 2.5.1.0)

GEM
  remote: https://rubygems.org/
  specs:
    ast (2.4.0)
    hike (1.2.3)
    parser (2.5.1.0)
      ast (~> 2.4.0)
    rack (2.0.1)

PLATFORMS
  ruby

DEPENDENCIES
  opal!
  rack

BUNDLED WITH
   1.16.3
